GEM
  remote: https://rubygems.org/
  specs:
    ansi (1.5.0)
    ast (2.4.0)
    commonmarker (0.21.0)
      ruby-enum (~> 0.5)
    concurrent-ruby (1.1.5)
    eventmachine (1.2.7)
    faye-websocket (0.10.9)
      eventmachine (>= 0.12.0)
      websocket-driver (>= 0.5.1)
    ffi (1.13.1)
    front_matter_parser (0.2.1)
    haml (5.1.2)
      temple (>= 0.8.0)
      tilt
    i18n (1.8.2)
      concurrent-ruby (~> 1.0)
    liquid (4.0.3)
    listen (3.3.3)
      rb-fsevent (~> 0.10, >= 0.10.3)
      rb-inotify (~> 0.9, >= 0.9.10)
    nio4r (2.5.2)
    oga (3.2)
      ast
      ruby-ll (~> 2.1)
    puma (4.3.3)
      nio4r (~> 2.0)
    rack (2.2.2)
    rack-dev-mark (0.7.5)
      rack (>= 1.1)
    rake (13.0.1)
    rb-fsevent (0.10.4)
    rb-inotify (0.10.1)
      ffi (~> 1.0)
    rerun (0.13.1)
      listen (~> 3.0)
    ruby-enum (0.7.2)
      i18n
    ruby-ll (2.1.2)
      ansi
      ast
    sassc (2.2.1)
      ffi (~> 1.9)
    temple (0.8.2)
    tilt (2.0.10)
    websocket-driver (0.7.1)
      websocket-extensions (>= 0.1.0)
    websocket-extensions (0.1.4)

PLATFORMS
  ruby

DEPENDENCIES
  commonmarker
  faye-websocket
  front_matter_parser
  haml
  liquid
  oga
  puma
  rack
  rack-dev-mark
  rake
  rerun
  sassc

BUNDLED WITH
   2.1.4
